PATH
  remote: .
  specs:
    awesome (0.0.1)

GEM
  remote: https://rubygems.org/
  specs:
    codecov (0.1.19)
      colorize
      json
      simplecov
    colorize (0.8.1)
    docile (1.3.2)
    json (2.3.1)
    mocha (1.11.2)
    rake (13.0.1)
    simplecov (0.18.5)
      docile (~> 1.1)
      simplecov-html (~> 0.11)
    simplecov-html (0.12.2)

PLATFORMS
  ruby

DEPENDENCIES
  awesome!
  codecov (>= 0.1.19)
  mocha
  rake
  simplecov

BUNDLED WITH
   2.1.4
